GEM
  remote: http://rubygems.org/
  specs:
    kindlerb (0.1.1)
      mustache
      nokogiri
    mini_portile (0.6.0)
    mustache (0.99.6)
    nokogiri (1.6.3.1)
      mini_portile (= 0.6.0)

PLATFORMS
  ruby

DEPENDENCIES
  kindlerb
  nokogiri
